PATH
  remote: .
  specs:
    terminal-player (0.0.1)

GEM
  remote: https://rubygems.org/
  specs:

PLATFORMS
  ruby

DEPENDENCIES
  terminal-player!
