PATH
  remote: .
  specs:
    terminal-player (0.0.1)

GEM
  remote: https://rubygems.org/
  specs:
    ffi (1.9.3)
    libspotify (12.1.51.3)
    plaything (1.1.1)
      ffi (~> 1.1)
    spotify (12.5.3)
      ffi (~> 1.0, >= 1.0.11)
      libspotify (~> 12.1.51)

PLATFORMS
  ruby

DEPENDENCIES
  plaything
  spotify
  terminal-player!
